GEM
  remote: http://rubygems.org/
  specs:
    excon (0.16.10)
    resty_test (0.1.0)
      excon

PLATFORMS
  ruby

DEPENDENCIES
  resty_test
