GEM
  remote: https://rubygems.org/
  specs:
    excon (0.27.6)
    resty_test (0.2.2)
      excon

PLATFORMS
  ruby

DEPENDENCIES
  resty_test
